GEM
  remote: https://rubygems.org/
  specs:
    csv (3.0.0)
    faraday (0.15.2)
      multipart-post (>= 1.2, < 3)
    mini_portile2 (2.3.0)
    multipart-post (2.0.0)
    nokogiri (1.8.4)
      mini_portile2 (~> 2.3.0)

PLATFORMS
  ruby

DEPENDENCIES
  csv
  faraday
  nokogiri

BUNDLED WITH
   1.16.2
